STORAGE: NONE
RESTRICTION: || (== net5.0) (== net6.0) (== netcoreapp3.1) (== netstandard2.0) (== netstandard2.1)
NUGET
  remote: https://api.nuget.org/v3/index.json
    Argu (6.1.1)
      FSharp.Core (>= 4.3.2)
      System.Configuration.ConfigurationManager (>= 4.4)
    FParsec (1.1.1)
      FSharp.Core (>= 4.3.4)
    FSharp.Core (7.0)
    fsunit.xunit (5.1)
      FSharp.Core (>= 5.0.2)
      NHamcrest (>= 3.0.1 < 3.1)
      xunit (>= 2.4.2 < 2.5)
    Microsoft.NETCore.Platforms (5.0)
    Microsoft.Win32.SystemEvents (5.0) - restriction: || (== net5.0) (== net6.0) (== netcoreapp3.1) (&& (== netstandard2.0) (>= netcoreapp3.0)) (&& (== netstandard2.1) (>= netcoreapp3.0))
      Microsoft.NETCore.Platforms (>= 5.0) - restriction: || (== net5.0) (== net6.0) (== netcoreapp3.1) (&& (== netstandard2.0) (>= netcoreapp2.0)) (&& (== netstandard2.1) (>= netcoreapp2.0))
    NETStandard.Library (2.0.3)
      Microsoft.NETCore.Platforms (>= 1.1)
    NHamcrest (3.0.1)
    System.Buffers (4.5.1) - restriction: || (&& (== net5.0) (>= monotouch)) (&& (== net5.0) (>= net461)) (&& (== net5.0) (< netcoreapp2.0)) (&& (== net5.0) (< netcoreapp2.1) (>= xamarinios)) (&& (== net5.0) (< netcoreapp2.1) (>= xamarinmac)) (&& (== net5.0) (< netcoreapp2.1) (>= xamarintvos)) (&& (== net5.0) (< netcoreapp2.1) (>= xamarinwatchos)) (&& (== net5.0) (< netstandard1.1)) (&& (== net5.0) (< netstandard2.0)) (&& (== net6.0) (>= monotouch)) (&& (== net6.0) (>= net461)) (&& (== net6.0) (< netcoreapp2.0)) (&& (== net6.0) (< netcoreapp2.1) (>= xamarinios)) (&& (== net6.0) (< netcoreapp2.1) (>= xamarinmac)) (&& (== net6.0) (< netcoreapp2.1) (>= xamarintvos)) (&& (== net6.0) (< netcoreapp2.1) (>= xamarinwatchos)) (&& (== net6.0) (< netstandard1.1)) (&& (== net6.0) (< netstandard2.0)) (&& (== netcoreapp3.1) (>= monotouch)) (&& (== netcoreapp3.1) (>= net461)) (&& (== netcoreapp3.1) (< netcoreapp2.0)) (&& (== netcoreapp3.1) (< netcoreapp2.1) (>= xamarinios)) (&& (== netcoreapp3.1) (< netcoreapp2.1) (>= xamarinmac)) (&& (== netcoreapp3.1) (< netcoreapp2.1) (>= xamarintvos)) (&& (== netcoreapp3.1) (< netcoreapp2.1) (>= xamarinwatchos)) (&& (== netcoreapp3.1) (< netstandard1.1)) (&& (== netcoreapp3.1) (< netstandard2.0)) (== netstandard2.0) (== netstandard2.1)
    System.Configuration.ConfigurationManager (5.0)
      System.Security.Cryptography.ProtectedData (>= 5.0)
      System.Security.Permissions (>= 5.0)
    System.Drawing.Common (5.0) - restriction: || (== net5.0) (== net6.0) (== netcoreapp3.1) (&& (== netstandard2.0) (>= netcoreapp3.0)) (&& (== netstandard2.1) (>= netcoreapp3.0))
      Microsoft.Win32.SystemEvents (>= 5.0) - restriction: || (== net5.0) (== net6.0) (== netcoreapp3.1) (&& (== netstandard2.0) (>= netcoreapp2.0)) (&& (== netstandard2.0) (>= netcoreapp3.0)) (&& (== netstandard2.1) (>= netcoreapp2.0)) (&& (== netstandard2.1) (>= netcoreapp3.0))
    System.Memory (4.5.4) - restriction: || (&& (== net5.0) (< netcoreapp2.1)) (&& (== net6.0) (< netcoreapp2.1)) (&& (== netcoreapp3.1) (< netcoreapp2.1)) (== netstandard2.0) (== netstandard2.1)
      System.Buffers (>= 4.5.1) - restriction: || (&& (== net5.0) (>= monotouch)) (&& (== net5.0) (>= net461)) (&& (== net5.0) (< netcoreapp2.0)) (&& (== net5.0) (< netstandard1.1)) (&& (== net5.0) (< netstandard2.0)) (&& (== net5.0) (>= xamarinios)) (&& (== net5.0) (>= xamarinmac)) (&& (== net5.0) (>= xamarintvos)) (&& (== net5.0) (>= xamarinwatchos)) (&& (== net6.0) (>= monotouch)) (&& (== net6.0) (>= net461)) (&& (== net6.0) (< netcoreapp2.0)) (&& (== net6.0) (< netstandard1.1)) (&& (== net6.0) (< netstandard2.0)) (&& (== net6.0) (>= xamarinios)) (&& (== net6.0) (>= xamarinmac)) (&& (== net6.0) (>= xamarintvos)) (&& (== net6.0) (>= xamarinwatchos)) (&& (== netcoreapp3.1) (>= monotouch)) (&& (== netcoreapp3.1) (>= net461)) (&& (== netcoreapp3.1) (< netcoreapp2.0)) (&& (== netcoreapp3.1) (< netstandard1.1)) (&& (== netcoreapp3.1) (< netstandard2.0)) (&& (== netcoreapp3.1) (>= xamarinios)) (&& (== netcoreapp3.1) (>= xamarinmac)) (&& (== netcoreapp3.1) (>= xamarintvos)) (&& (== netcoreapp3.1) (>= xamarinwatchos)) (== netstandard2.0) (== netstandard2.1)
      System.Numerics.Vectors (>= 4.4) - restriction: || (&& (== net5.0) (< netcoreapp2.0)) (&& (== net6.0) (< netcoreapp2.0)) (&& (== netcoreapp3.1) (< netcoreapp2.0)) (== netstandard2.0) (== netstandard2.1)
      System.Runtime.CompilerServices.Unsafe (>= 4.5.3) - restriction: || (&& (== net5.0) (>= monotouch)) (&& (== net5.0) (>= net461)) (&& (== net5.0) (< netcoreapp2.0)) (&& (== net5.0) (< netcoreapp2.1)) (&& (== net5.0) (< netstandard1.1)) (&& (== net5.0) (< netstandard2.0)) (&& (== net5.0) (>= uap10.1)) (&& (== net5.0) (>= xamarinios)) (&& (== net5.0) (>= xamarinmac)) (&& (== net5.0) (>= xamarintvos)) (&& (== net5.0) (>= xamarinwatchos)) (&& (== net6.0) (>= monotouch)) (&& (== net6.0) (>= net461)) (&& (== net6.0) (< netcoreapp2.0)) (&& (== net6.0) (< netcoreapp2.1)) (&& (== net6.0) (< netstandard1.1)) (&& (== net6.0) (< netstandard2.0)) (&& (== net6.0) (>= uap10.1)) (&& (== net6.0) (>= xamarinios)) (&& (== net6.0) (>= xamarinmac)) (&& (== net6.0) (>= xamarintvos)) (&& (== net6.0) (>= xamarinwatchos)) (&& (== netcoreapp3.1) (>= monotouch)) (&& (== netcoreapp3.1) (>= net461)) (&& (== netcoreapp3.1) (< netcoreapp2.0)) (&& (== netcoreapp3.1) (< netcoreapp2.1)) (&& (== netcoreapp3.1) (< netstandard1.1)) (&& (== netcoreapp3.1) (< netstandard2.0)) (&& (== netcoreapp3.1) (>= uap10.1)) (&& (== netcoreapp3.1) (>= xamarinios)) (&& (== netcoreapp3.1) (>= xamarinmac)) (&& (== netcoreapp3.1) (>= xamarintvos)) (&& (== netcoreapp3.1) (>= xamarinwatchos)) (== netstandard2.0) (== netstandard2.1)
    System.Numerics.Vectors (4.5) - restriction: || (&& (== net5.0) (< netcoreapp2.0)) (&& (== net6.0) (< netcoreapp2.0)) (&& (== netcoreapp3.1) (< netcoreapp2.0)) (== netstandard2.0) (== netstandard2.1)
    System.Runtime.CompilerServices.Unsafe (5.0) - restriction: || (&& (== net5.0) (>= monotouch)) (&& (== net5.0) (>= net461)) (&& (== net5.0) (< netcoreapp2.0)) (&& (== net5.0) (< netcoreapp2.1)) (&& (== net5.0) (< netstandard1.1)) (&& (== net5.0) (< netstandard2.0)) (&& (== net5.0) (>= uap10.1)) (&& (== net6.0) (>= monotouch)) (&& (== net6.0) (>= net461)) (&& (== net6.0) (< netcoreapp2.0)) (&& (== net6.0) (< netcoreapp2.1)) (&& (== net6.0) (< netstandard1.1)) (&& (== net6.0) (< netstandard2.0)) (&& (== net6.0) (>= uap10.1)) (&& (== netcoreapp3.1) (>= monotouch)) (&& (== netcoreapp3.1) (>= net461)) (&& (== netcoreapp3.1) (< netcoreapp2.0)) (&& (== netcoreapp3.1) (< netcoreapp2.1)) (&& (== netcoreapp3.1) (< netstandard1.1)) (&& (== netcoreapp3.1) (< netstandard2.0)) (&& (== netcoreapp3.1) (>= uap10.1)) (== netstandard2.0) (== netstandard2.1)
    System.Security.AccessControl (5.0)
      Microsoft.NETCore.Platforms (>= 5.0) - restriction: || (== net5.0) (== net6.0) (== netcoreapp3.1) (&& (== netstandard2.0) (>= netcoreapp2.0)) (&& (== netstandard2.1) (>= netcoreapp2.0))
      System.Security.Principal.Windows (>= 5.0)
    System.Security.Cryptography.ProtectedData (5.0)
      System.Memory (>= 4.5.4) - restriction: || (&& (== net5.0) (< netcoreapp2.1)) (&& (== net6.0) (< netcoreapp2.1)) (&& (== netcoreapp3.1) (< netcoreapp2.1)) (== netstandard2.0) (== netstandard2.1)
    System.Security.Permissions (5.0)
      System.Security.AccessControl (>= 5.0)
      System.Windows.Extensions (>= 5.0) - restriction: || (== net5.0) (== net6.0) (== netcoreapp3.1) (&& (== netstandard2.0) (>= netcoreapp3.0)) (&& (== netstandard2.1) (>= netcoreapp3.0))
    System.Security.Principal.Windows (5.0)
    System.Windows.Extensions (5.0) - restriction: || (== net5.0) (== net6.0) (== netcoreapp3.1) (&& (== netstandard2.0) (>= netcoreapp3.0)) (&& (== netstandard2.1) (>= netcoreapp3.0))
      System.Drawing.Common (>= 5.0) - restriction: || (== net5.0) (== net6.0) (== netcoreapp3.1) (&& (== netstandard2.0) (>= netcoreapp3.0)) (&& (== netstandard2.1) (>= netcoreapp3.0))
    Unquote (6.1)
      FSharp.Core (>= 4.7.2)
    xunit (2.4.2)
      xunit.analyzers (>= 1.0)
      xunit.assert (>= 2.4.2)
      xunit.core (2.4.2)
    xunit.abstractions (2.0.3)
    xunit.analyzers (1.1)
    xunit.assert (2.4.2)
      NETStandard.Library (>= 1.6.1)
    xunit.core (2.4.2)
      xunit.extensibility.core (2.4.2)
      xunit.extensibility.execution (2.4.2)
    xunit.extensibility.core (2.4.2)
      NETStandard.Library (>= 1.6.1)
      xunit.abstractions (>= 2.0.3)
    xunit.extensibility.execution (2.4.2)
      NETStandard.Library (>= 1.6.1)
      xunit.extensibility.core (2.4.2)
    xunit.runner.visualstudio (2.4.5)
